GIT
  remote: https://gitlab.com/fdroid/jekyll-fdroid.git
  revision: 6901f5eeda615c8bfa324f7e755b7d0ffd82665b
  branch: master
  specs:
    jekyll-fdroid (0.1.0)
      jekyll-include-cache
      jekyll-paginate-v2 (<= 1.7.3)
      nokogiri
      therubyracer (~> 0.12)

GEM
  remote: https://rubygems.org/
  specs:
    addressable (2.5.1)
      public_suffix (~> 2.0, >= 2.0.2)
    colorator (1.1.0)
    ffi (1.9.18)
    forwardable-extended (2.6.0)
    jekyll (3.4.3)
      addressable (~> 2.4)
      colorator (~> 1.0)
      jekyll-sass-converter (~> 1.0)
      jekyll-watch (~> 1.1)
      kramdown (~> 1.3)
      liquid (~> 3.0)
      mercenary (~> 0.3.3)
      pathutil (~> 0.9)
      rouge (~> 1.7)
      safe_yaml (~> 1.0)
    jekyll-feed (0.9.2)
      jekyll (~> 3.3)
    jekyll-include-cache (0.1.0)
      jekyll (~> 3.3)
    jekyll-paginate-v2 (1.7.3)
      jekyll (~> 3.0)
    jekyll-redirect-from (0.12.1)
      jekyll (~> 3.3)
    jekyll-sass-converter (1.5.0)
      sass (~> 3.4)
    jekyll-watch (1.5.0)
      listen (~> 3.0, < 3.1)
    kramdown (1.13.2)
    libv8 (3.16.14.19)
    liquid (3.0.6)
    listen (3.0.8)
      rb-fsevent (~> 0.9, >= 0.9.4)
      rb-inotify (~> 0.9, >= 0.9.7)
    mercenary (0.3.6)
    mini_portile2 (2.1.0)
    nokogiri (1.7.2)
      mini_portile2 (~> 2.1.0)
    pathutil (0.14.0)
      forwardable-extended (~> 2.6)
    public_suffix (2.0.5)
    rb-fsevent (0.9.8)
    rb-inotify (0.9.8)
      ffi (>= 0.5.0)
    ref (2.0.0)
    rouge (1.11.1)
    safe_yaml (1.0.4)
    sass (3.4.23)
    therubyracer (0.12.3)
      libv8 (~> 3.16.14.15)
      ref

PLATFORMS
  ruby

DEPENDENCIES
  jekyll
  jekyll-fdroid!
  jekyll-feed
  jekyll-redirect-from

BUNDLED WITH
   1.14.5
